GEM
  remote: https://rubygems.org/
  specs:
    backports (3.6.4)
    builder (3.2.2)
    byebug (3.5.1)
      columnize (~> 0.8)
      debugger-linecache (~> 1.2)
      slop (~> 3.6)
    capistrano (3.3.5)
      capistrano-stats (~> 1.1.0)
      i18n
      rake (>= 10.0.0)
      sshkit (~> 1.3)
    capistrano-passenger (0.0.1)
      capistrano (~> 3.0)
    capistrano-stats (1.1.1)
    coderay (1.1.0)
    colorize (0.7.5)
    columnize (0.9.0)
    connection_pool (2.1.0)
    cucumber (1.3.18)
      builder (>= 2.1.2)
      diff-lcs (>= 1.1.3)
      gherkin (~> 2.12)
      multi_json (>= 1.7.5, < 2.0)
      multi_test (>= 0.1.1)
    debugger-linecache (1.2.0)
    diff-lcs (1.2.5)
    dotenv (1.0.2)
    dotenv-deployment (0.2.0)
      dotenv (~> 1.0)
    faraday (0.9.0)
      multipart-post (>= 1.2, < 3)
    gherkin (2.12.2)
      multi_json (~> 1.3)
    hashie (3.3.2)
    i18n (0.7.0)
    jwt (1.2.0)
    method_source (0.8.2)
    multi_json (1.10.1)
    multi_test (0.1.1)
    multi_xml (0.5.5)
    multipart-post (2.0.0)
    net-scp (1.2.1)
      net-ssh (>= 2.6.5)
    net-ssh (2.9.1)
    oauth2 (1.0.0)
      faraday (>= 0.8, < 0.10)
      jwt (~> 1.0)
      multi_json (~> 1.3)
      multi_xml (~> 0.5)
      rack (~> 1.2)
    omniauth (1.2.2)
      hashie (>= 1.2, < 4)
      rack (~> 1.0)
    omniauth-google-oauth2 (0.2.6)
      omniauth (> 1.0)
      omniauth-oauth2 (~> 1.1)
    omniauth-oauth2 (1.2.0)
      faraday (>= 0.8, < 0.10)
      multi_json (~> 1.3)
      oauth2 (~> 1.0)
      omniauth (~> 1.2)
    pry (0.10.1)
      coderay (~> 1.1.0)
      method_source (~> 0.8.1)
      slop (~> 3.4)
    pry-byebug (2.0.0)
      byebug (~> 3.4)
      pry (~> 0.10)
    rack (1.5.2)
    rack-cors (0.3.1)
    rack-protection (1.5.3)
      rack
    rack-test (0.6.2)
      rack (>= 1.0)
    rake (10.4.2)
    redis (3.2.0)
    rspec (3.1.0)
      rspec-core (~> 3.1.0)
      rspec-expectations (~> 3.1.0)
      rspec-mocks (~> 3.1.0)
    rspec-core (3.1.7)
      rspec-support (~> 3.1.0)
    rspec-expectations (3.1.2)
      diff-lcs (>= 1.2.0, < 2.0)
      rspec-support (~> 3.1.0)
    rspec-mocks (3.1.3)
      rspec-support (~> 3.1.0)
    rspec-support (3.1.2)
    sinatra (1.4.5)
      rack (~> 1.4)
      rack-protection (~> 1.4)
      tilt (~> 1.3, >= 1.3.4)
    sinatra-contrib (1.4.2)
      backports (>= 2.0)
      multi_json
      rack-protection
      rack-test
      sinatra (~> 1.4.0)
      tilt (~> 1.3)
    sinatra-flash (0.3.0)
      sinatra (>= 1.0.0)
    slop (3.6.0)
    sshkit (1.6.1)
      colorize (>= 0.7.0)
      net-scp (>= 1.1.2)
      net-ssh (>= 2.8.0)
    tilt (1.4.1)

PLATFORMS
  ruby

DEPENDENCIES
  capistrano
  capistrano-passenger
  connection_pool
  cucumber
  dotenv
  dotenv-deployment
  omniauth
  omniauth-google-oauth2
  pry
  pry-byebug
  rack (= 1.5.2)
  rack-cors
  rack-test
  redis
  rspec
  sinatra
  sinatra-contrib
  sinatra-flash
